GEM
  remote: http://rubygems.org/
  specs:
    byebug (9.0.6)
    ethon (0.9.1)
      ffi (>= 1.3.0)
    ffi (1.9.14)
    minitest (5.9.1)
    rack (2.0.1)
    rack-test (0.6.3)
      rack (>= 1.0)
    typhoeus (1.1.0)
      ethon (>= 0.9.0)

PLATFORMS
  ruby

DEPENDENCIES
  byebug
  minitest
  rack-test
  typhoeus

BUNDLED WITH
   1.13.6
