GEM
  remote: http://rubygems.org/
  specs:
    byebug (9.0.6)
    ethon (0.9.1)
      ffi (>= 1.3.0)
    ffi (1.9.14)
    typhoeus (1.1.0)
      ethon (>= 0.9.0)

PLATFORMS
  ruby

DEPENDENCIES
  byebug
  typhoeus

BUNDLED WITH
   1.13.6
